GIT
  remote: https://github.com/phlex-ruby/phlex.git
  revision: a19b1e8574559733451a4a1c76bcd21c6a869509
  specs:
    phlex (2.0.0.rc1)

GEM
  remote: https://rubygems.org/
  specs:
    bcrypt (3.1.20)
    bigdecimal (3.1.9)
    ffi (1.17.1-aarch64-linux-gnu)
    ffi (1.17.1-aarch64-linux-musl)
    ffi (1.17.1-arm-linux-gnu)
    ffi (1.17.1-arm-linux-musl)
    ffi (1.17.1-arm64-darwin)
    ffi (1.17.1-x86_64-darwin)
    ffi (1.17.1-x86_64-linux-gnu)
    ffi (1.17.1-x86_64-linux-musl)
    foreman (0.88.1)
    listen (3.9.0)
      rb-fsevent (~> 0.10, >= 0.10.3)
      rb-inotify (~> 0.9, >= 0.9.10)
    logger (1.6.5)
    minitest (5.25.4)
    minitest-global_expectations (1.0.1)
      minitest (> 5)
    nio4r (2.7.4)
    nokogiri (1.18.2-aarch64-linux-gnu)
      racc (~> 1.4)
    nokogiri (1.18.2-aarch64-linux-musl)
      racc (~> 1.4)
    nokogiri (1.18.2-arm-linux-gnu)
      racc (~> 1.4)
    nokogiri (1.18.2-arm-linux-musl)
      racc (~> 1.4)
    nokogiri (1.18.2-arm64-darwin)
      racc (~> 1.4)
    nokogiri (1.18.2-x86_64-darwin)
      racc (~> 1.4)
    nokogiri (1.18.2-x86_64-linux-gnu)
      racc (~> 1.4)
    nokogiri (1.18.2-x86_64-linux-musl)
      racc (~> 1.4)
    pg (1.5.9)
    puma (6.6.0)
      nio4r (~> 2.0)
    racc (1.8.1)
    rack (3.1.8)
    rack-test (2.2.0)
      rack (>= 1.3)
    rake (13.2.1)
    rb-fsevent (0.11.2)
    rb-inotify (0.11.1)
      ffi (~> 1.0)
    roda (3.88.0)
      rack
    sequel (5.88.0)
      bigdecimal
    sequel-annotate (1.7.0)
      sequel (>= 4)
    sequel_pg (1.17.1)
      pg (>= 0.18.0, != 1.2.0)
      sequel (>= 4.38.0)
    zeitwerk (2.7.1)

PLATFORMS
  aarch64-linux-gnu
  aarch64-linux-musl
  arm-linux-gnu
  arm-linux-musl
  arm64-darwin
  x86_64-darwin
  x86_64-linux-gnu
  x86_64-linux-musl

DEPENDENCIES
  bcrypt
  foreman
  listen
  logger
  minitest
  minitest-global_expectations
  nokogiri
  phlex!
  puma
  rack-test
  rake
  roda (>= 3.66)
  sequel (>= 5.62)
  sequel-annotate
  sequel_pg (>= 1.8)
  zeitwerk

BUNDLED WITH
   2.5.11
